GEM
  remote: http://rubygems.org/
  specs:
    backports (2.3.0)
    daemons (1.1.4)
    databasedotcom (1.0.5)
      multipart-post (>= 1.1.3)
    eventmachine (0.12.10)
    haml (3.1.2)
    hashie (3.6.0)
    heroku (2.4.0)
      launchy (>= 0.3.2)
      rest-client (~> 1.6.1)
      term-ansicolor (~> 1.0.5)
    launchy (2.0.3)
    mime-types (1.16)
    mini_portile2 (2.8.7)
    monkey-lib (0.5.4)
      backports
    multipart-post (1.1.3)
    nokogiri (1.16.5)
      mini_portile2 (~> 2.8.2)
      racc (~> 1.4)
    omniauth (1.4.2)
      hashie (>= 1.2, < 4)
      rack (>= 1.0, < 3)
    racc (1.8.1)
    rack (1.3.2)
    rack-flash (0.1.2)
      rack
    rest-client (1.6.3)
      mime-types (>= 1.16)
    sinatra (1.2.6)
      rack (~> 1.1)
      tilt (>= 1.2.2, < 2.0)
    sinatra-advanced-routes (0.5.1)
      monkey-lib (~> 0.5.0)
      sinatra (~> 1.0)
      sinatra-sugar (~> 0.5.0)
    sinatra-reloader (0.5.0)
      sinatra (~> 1.0)
      sinatra-advanced-routes (~> 0.5.0)
    sinatra-sugar (0.5.1)
      monkey-lib (~> 0.5.0)
      sinatra (~> 1.0)
    term-ansicolor (1.0.6)
    thin (1.2.11)
      daemons (>= 1.0.9)
      eventmachine (>= 0.12.6)
      rack (>= 1.0.0)
    tilt (1.3.2)

PLATFORMS
  ruby

DEPENDENCIES
  databasedotcom
  haml
  heroku
  omniauth
  rack-flash
  sinatra
  sinatra-reloader
  thin
