GEM
  remote: http://rubygems.org/
  specs:
    base64 (0.2.0)
    daemons (1.1.4)
    databasedotcom (1.0.5)
      multipart-post (>= 1.1.3)
    eventmachine (0.12.10)
    haml (3.1.2)
    hashie (5.0.0)
    heroku (2.4.0)
      launchy (>= 0.3.2)
      rest-client (~> 1.6.1)
      term-ansicolor (~> 1.0.5)
    launchy (2.0.3)
    mime-types (1.16)
    multi_json (1.0.3)
    multipart-post (1.1.3)
    mustermann (3.0.3)
      ruby2_keywords (~> 0.0.1)
    omniauth (2.1.2)
      hashie (>= 3.4.6)
      rack (>= 2.2.3)
      rack-protection
    rack (2.2.8.1)
    rack-flash (0.1.2)
      rack
    rack-protection (3.2.0)
      base64 (>= 0.1.0)
      rack (~> 2.2, >= 2.2.4)
    rest-client (1.6.3)
      mime-types (>= 1.16)
    ruby2_keywords (0.0.5)
    sinatra (3.2.0)
      mustermann (~> 3.0)
      rack (~> 2.2, >= 2.2.4)
      rack-protection (= 3.2.0)
      tilt (~> 2.0)
    sinatra-contrib (3.2.0)
      multi_json (>= 0.0.2)
      mustermann (~> 3.0)
      rack-protection (= 3.2.0)
      sinatra (= 3.2.0)
      tilt (~> 2.0)
    sinatra-reloader (1.0)
      sinatra-contrib
    term-ansicolor (1.0.6)
    thin (1.2.11)
      daemons (>= 1.0.9)
      eventmachine (>= 0.12.6)
      rack (>= 1.0.0)
    tilt (2.4.0)

PLATFORMS
  ruby

DEPENDENCIES
  databasedotcom
  haml
  heroku
  omniauth
  rack-flash
  sinatra
  sinatra-reloader
  thin
